GEM
  remote: https://rubygems.org/
  specs:
    byebug (5.0.0)
      columnize (= 0.9.0)
    columnize (0.9.0)
    faraday (0.9.1)
      multipart-post (>= 1.2, < 3)
    geolocater (0.1.0)
      faraday
      json
    haml (4.0.6)
      tilt
    json (1.8.3)
    multipart-post (2.0.0)
    rack (1.6.4)
    rack-protection (1.5.3)
      rack
    sinatra (1.4.6)
      rack (~> 1.4)
      rack-protection (~> 1.4)
      tilt (>= 1.3, < 3)
    tilt (2.0.1)

PLATFORMS
  ruby

DEPENDENCIES
  byebug
  geolocater
  haml
  sinatra
